GEM
  remote: https://rubygems.org/
  specs:
    Ascii85 (1.0.3)
    afm (0.2.2)
    cinch (2.0.12)
    diff-lcs (1.3)
    dotenv (2.2.1)
    fakeredis (0.4.3)
      redis (~> 3.0.0)
    foreman (0.63.0)
      dotenv (>= 0.7)
      thor (>= 0.13.6)
    foreman (0.63.0-java)
      dotenv (>= 0.7)
      thor (>= 0.13.6)
    hashery (2.1.2)
    httparty (0.15.5)
      multi_xml (>= 0.5.2)
    marky_markov (0.3.5)
      msgpack
    mini_portile2 (2.1.0)
    msgpack (1.2.4)
    msgpack (1.2.4-java)
    multi_xml (0.6.0)
    nokogiri (1.7.2)
      mini_portile2 (~> 2.1.0)
    nokogiri (1.7.2-java)
    parallel (1.12.1)
    pdf-reader (2.1.0)
      Ascii85 (~> 1.0.0)
      afm (~> 0.2.1)
      hashery (~> 2.0)
      ruby-rc4
      ttfunk
    pp (0.1.1)
    redis (3.0.7)
    rspec (2.13.0)
      rspec-core (~> 2.13.0)
      rspec-expectations (~> 2.13.0)
      rspec-mocks (~> 2.13.0)
    rspec-core (2.13.1)
    rspec-expectations (2.13.0)
      diff-lcs (>= 1.1.3, < 2.0)
    rspec-mocks (2.13.1)
    ruby-rc4 (0.1.5)
    thor (0.19.4)
    ttfunk (1.5.1)

PLATFORMS
  java
  ruby

DEPENDENCIES
  cinch (~> 2.0.9)
  fakeredis (~> 0.4.2)
  foreman (~> 0.63.0)
  httparty (~> 0.9)
  marky_markov
  nokogiri
  parallel
  pdf-reader
  pp
  redis (~> 3.0.6)
  rspec (~> 2.13.0)

BUNDLED WITH
   1.16.1
